##TITLE=Parameter List, ParaVision 6.0.1
##JCAMPDX=4.24
##DATATYPE=Parameter Values
##ORIGIN=Bruker BioSpin MRI GmbH
##OWNER=lucio
$$ 2023-05-13 23:31:35.859 +0300  lucio@wis15nmrpc
$$ /opt/PV6.0.1/data/lucio/20230513_225141_elton_9batch_tumor_mouse6_injGlu_elton_9bat_1_1/5/pdata/1/reco
$$ process /opt/PV6.0.1/prog/bin/parxserver
##$RECO_mode=USER_MODE
##$RecoAutoDerive=No
##$RecoDim=2
##$RecoObjectsPerRepetition=10
##$RecoObjectsPerSetupStep=80
$$ @vis= RECO_mode RecoAutoDerive RecoDim RecoObjectsPerRepetition
##$RecoNumRepetitions=1
##$RECO_inp_order=NO_REORDERING
##$RECO_inp_size=( 2 )
256 256
$$ @vis= RecoObjectsPerSetupStep RecoNumRepetitions RECO_inp_order
##$RECO_ft_size=( 2 )
256 256
##$RECO_fov=( 2 )
4 4
##$RECO_size=( 2 )
256 256
##$RECO_offset=( 2, 10 )
0 0 0 0 0 0 0 0 0 0 0 0 0 0 0 0 0 0 0 0
##$RECO_regrid_mode=NO_REGRID
##$RECO_regrid_offset=0
##$RECO_ramp_gap=0
##$RECO_ramp_time=0
##$RECO_ne_mode=NO_NAV_DATA
##$RECO_ne_dist=NeNoInterleave
##$RECO_ne_dens=NeCorrPerScan
##$RECO_ne_type=NAV_PHASE
##$RECO_bc_mode=( 2 )
NO_BC NO_BC
##$RECO_bc_start=( 2 )
192 192
##$RECO_bc_len=( 2 )
64 64
##$RECO_dc_offset=( 2 )
0 0
##$RECO_dc_divisor=1
##$RECO_bc_coroff=( 2 )
0 0
##$RECO_qopts=( 2 )
COMPLEX_CONJUGATE NO_QOPTS
##$RECO_wdw_mode=( 2 )
NO_WDW NO_WDW
$$ @vis= RECO_inp_size RECO_ft_size RECO_fov RECO_size RECO_ne_mode
##$RECO_lb=( 2 )
-0.5 -0.5
##$RECO_sw=( 2 )
119047.619047619 1
##$RECO_gb=( 2 )
0.5 0.5
##$RECO_sbs=( 2 )
1 1
##$RECO_tm1=( 2 )
0.25 0.25
##$RECO_tm2=( 2 )
0.75 0.75
##$RECO_ft_mode=( 2 )
COMPLEX_FT COMPLEX_FT
##$RECO_pc_mode=( 2 )
FIRST_ORDER_PC FIRST_ORDER_PC
##$RECO_pc_lin=( 2 )
(0, 180) (0, 180)
##$RECO_rotate=( 2, 10 )
0.5 0.5 0.5 0.5 0.5 0.5 0.5 0.5 0.5 0.5 0.5 0.5 0.5 0.5 0.5 0.5 0.5 0.5 0.5 
0.5
##$RECO_ppc_mode=NO_PPC
##$RECO_ref_image=0
##$RECO_nr_supports=0.4
##$RECO_sig_threshold=0.15
##$RECO_ppc_degree=1
##$RECO_ppc_coeffs=( 10, 2, 2 )
0 0 0 0 0 0 0 0 0 0 0 0 0 0 0 0 0 0 0 0 0 0 0 0 0 0 0 0 0 0 0 0 0 0 0 0 0 0 0 
0
##$RECO_dc_elim=Yes
##$RECO_transposition=( 10 )
1 1 1 1 1 1 1 1 1 1
$$ @vis= RECO_wdw_mode RECO_ft_mode RECO_pc_mode RECO_pc_lin RECO_rotate
##$RECO_image_type=MAGNITUDE_IMAGE
##$RECO_image_threshold=0.15
##$RECO_ir_scale=10
##$RECO_wordtype=_16BIT_SGN_INT
##$RECO_map_mode=ABSOLUTE_MAPPING
##$RECO_map_range=( 2 )
-2147483647 2147483647
##$RECO_map_percentile=( 2 )
1 99.999
##$RECO_map_error=0.00025
##$RECO_globex=( 10 )
0 0 0 0 0 0 0 0 0 0
##$RECO_minima=( 10 )
4.78456121716454 3.13829410949909 3.08590372457881 3.70331104509469 
4.40423812017526 3.78659218037462 1.56560589779533 1.02294632415722 
4.10419073042043 3.1732821318941
##$RECO_maxima=( 10 )
5532.12784168037 6470.30109514826 8898.07002184524 11851.0240865305 
18261.0928436202 24476.6490509409 25150.8469666902 26689.6284330258 
27175.9937826319 32766.5
##$RECO_map_min=( 10 )
-38.4062612443569 -38.4062612443569 -38.4062612443569 -38.4062612443569 
-38.4062612443569 -38.4062612443569 -38.4062612443569 -38.4062612443569 
-38.4062612443569 -38.4062612443569
##$RECO_map_max=( 10 )
38.4062612443569 38.4062612443569 38.4062612443569 38.4062612443569 
38.4062612443569 38.4062612443569 38.4062612443569 38.4062612443569 
38.4062612443569 38.4062612443569
##$RECO_map_offset=( 10 )
0 0 0 0 0 0 0 0 0 0
##$RECO_map_slope=( 10 )
853.155161121403 853.155161121403 853.155161121403 853.155161121403 
853.155161121403 853.155161121403 853.155161121403 853.155161121403 
853.155161121403 853.155161121403
##$RECO_byte_order=littleEndian
$$ @vis= RECO_transposition RECO_image_type RECO_wordtype RECO_map_mode
##$RECO_time=<2023-05-13T23:31:35,856+0300>
##$RECO_abs_time=(1684009895, 856, 180)
##$RECO_base_image_uid=( 65 )
<2.16.756.5.5.100.1300518730.9997.1684009895.1>
##$RecoUserUpdate=Yes
##$RecoReverseSegment=0
##$RecoB0DemodOff=0
##$RecoB0DemodDelay=0
##$RecoFTOrder=( 2 )
0 1
##$RecoHalfFT=( 2 )
No No
$$ @vis= RECO_byte_order RecoUserUpdate RecoB0DemodOff RecoWindow RecoFTOrder
##$RecoHalfFTPos=( 2 )
128 128
##$RecoCorrPhase=RecoCorrPhaseOff
##$RecoCorrPhaseRef=-1
##$RECO_map_user_slope=1
##$RECO_map_user_offset=0
##$RecoNumInputChan=1
$$ @vis= RecoHalfFT RecoHalfFTPos RecoCorrPhase RecoCorrPhaseRef RecoMap
##$RecoScaleChan=( 1 )
1
##$RecoPhaseChan=( 1 )
0
##$RecoCombineMode=SumOfSquares
##$RecoSortDim=2
$$ @vis= RecoNumInputChan RecoScaleChan RecoPhaseChan RecoCombineMode
##$RecoSortSize=( 2 )
256 10
##$RecoSortRange=( 2 )
256 10
##$RecoSortSegment=( 2 )
8 0
##$RecoSortMaps=( 266 )
48 80 112 144 176 208 240 16 49 81 113 145 177 209 241 17 50 82 114 146 178 
210 242 18 51 83 115 147 179 211 243 19 52 84 116 148 180 212 244 20 53 85 
117 149 181 213 245 21 54 86 118 150 182 214 246 22 55 87 119 151 183 215 247 
23 56 88 120 152 184 216 248 24 57 89 121 153 185 217 249 25 58 90 122 154 
186 218 250 26 59 91 123 155 187 219 251 27 60 92 124 156 188 220 252 28 61 
93 125 157 189 221 253 29 62 94 126 158 190 222 254 30 63 95 127 159 191 223 
255 31 64 96 128 160 192 224 0 32 65 97 129 161 193 225 1 33 66 98 130 162 
194 226 2 34 67 99 131 163 195 227 3 35 68 100 132 164 196 228 4 36 69 101 
133 165 197 229 5 37 70 102 134 166 198 230 6 38 71 103 135 167 199 231 7 39 
72 104 136 168 200 232 8 40 73 105 137 169 201 233 9 41 74 106 138 170 202 
234 10 42 75 107 139 171 203 235 11 43 76 108 140 172 204 236 12 44 77 109 
141 173 205 237 13 45 78 110 142 174 206 238 14 46 79 111 143 175 207 239 15 
47 0 2 4 6 8 1 3 5 7 9
$$ @vis= RecoSortDim RecoSortSize RecoSortRange RecoSortSegment RecoSortMaps
##$RecoGrappaAccelFactor=1
##$RecoGrappaKernelRead=0
##$RecoGrappaKernelPhase=0
##$RecoGrappaNumRefRead=0
##$RecoGrappaNumRefPhase=0
##$RecoGrappaIncludeRefLines=Yes
##$RecoGrappaReadCenter=0
##$RecoGrappaPhaseCenter=0
##$RecoGrappaTruncThresh=-1
##$RecoRegridN=Off
$$ @vis= RecoSortGroup RecoGrappaAccelFactor RecoGrappaGroup RecoRegridN
##$RecoStageNrPasses=4
##$RecoStagePasses=( 4 )
(<FIRSTPASS>, 0) (<FTPASS1>, 1) (<PREPPASS>, 2) (<MAPPASS>, 3)
##$RecoStageNrNodes=24
##$RecoStageNodes=( 24 )
(<input>, 0, <RecoFileSource 
Q{numChan=1;byteOrder=\<BYTORDA\>;contData=false;initFromACQP=true;}>) 
(<input>, 0, <RecoQueueSink S{initQueue=true;initOnce=true;}>) (<compute>, 0, 
<RecoQueueSource Q0{initFromACQP=true;initOnce=true;}>) (<compute>, 0, 
<RecoBufferSink S0{procDim=1;frameDim=2;bufferId="FIRSTPASS0";memId="out0"}>) 
(<compute>, 0, <RecoCastFilter CAST0{dataRep=FLOAT; wordSize=8}>) (<compute>, 
0, <RecoFTShiftFilter FTS0{frameDim=2; winDirection=0; 
shift=\<RECO_rotate[0]\>; exponent=1}>) (<compute>, 0, <RecoFTFilter 
FT0{direction=0; exponent=1}>) (<compute>, 0, <RecoSortFilter 
REORD0{sortDim=\<RecoSortDim\>; sortSize=\<RecoSortSize\>; 
sortRange=\<RecoSortRange\>; sortSegment=\<RecoSortSegment\>; 
sortMaps=\<RecoSortMaps\>; frameDim = 2}>) (<compute>, 1, <RecoBufferSource 
Q0{procDim=1;frameDim=2;bufferId="FIRSTPASS0";memId="out0"}>) (<compute>, 1, 
<RecoBufferSink S0{procDim=1;frameDim=2;bufferId="FTPASS10";memId="in0"}>) 
(<compute>, 1, <RecoFTShiftFilter FTS0{frameDim=2; winDirection=1; 
shift=\<RECO_rotate[1]\>; exponent=1}>) (<compute>, 1, <RecoFTFilter 
FT0{direction=1;exponent=1;}>) (<compute>, 2, <RecoBufferSource 
Q0{procDim=2;frameDim=2;bufferId="FTPASS10";memId="in0"}>) (<compute>, 2, 
<RecoBufferSink S0{procDim=2;frameDim=2;bufferId="PREPPASS0";memId="out0"}>) 
(<compute>, 2, <RecoMagnitudeFilter G0>) (<compute>, 2, <RecoTransposeFilter 
TP0{transpose=\<RECO_transposition\>;}>) (<compute>, 2, <RecoMinMaxFilter 
M0{map_min=\<RECO_map_min\>;map_max=\<RECO_map_max\>;}>) (<compute>, 3, 
<RecoBufferSource Q0{procDim=2;frameDim=2;bufferId="PREPPASS0";memId="out0"}>)
 (<compute>, 3, <RecoQueueSink S0>) (<compute>, 3, <RecoMapFilter 
MAP0{symmetricMode=true;minima=\<RECO_minima\>;maxima=\<RECO_maxima\>;slope=\<RECO_map_slope\>;offset=\<RECO_map_offset\>;map_min=\<RECO_map_min\>;map_max=\<RECO_map_max\>;rangeMin=-32766.500000;rangeMax=32766.500000;perObjectMode=false;cutoffMode=true;}>) (<compute>, 3, <RecoCastFilter CAST0{dataRep=SIGNED;wordSize=2}>) (<output>, 3, <RecoQueueSource Q{procDim=2;initFromRECO=true;initOnce=true;}>) (<output>, 3, <RecoImageDisplayFilter DISP{showAll=true;}>) (<output>, 3, <RecoFileSink S{writePars=true;shuffle=false;filename="2dseq";numChans=1;}>)
$$ @vis= RecoRegridNGroup RecoStageNrPasses RecoStagePasses RecoStageNrNodes
##$RecoStageNrEdges=18
##$RecoStageEdges=( 18 )
(<input>, 0, <Q-\>S>) (<compute>, 0, <Q0-\>CAST0>) (<compute>, 0, 
<CAST0-\>FTS0>) (<compute>, 0, <FTS0-\>FT0>) (<compute>, 0, <FT0-\>REORD0>) 
(<compute>, 0, <REORD0-\>S0>) (<compute>, 1, <Q0-\>FTS0>) (<compute>, 1, 
<FTS0-\>FT0>) (<compute>, 1, <FT0-\>S0>) (<compute>, 2, <Q0-\>G0>) (<compute>,
 2, <G0-\>TP0>) (<compute>, 2, <TP0-\>M0>) (<compute>, 2, <M0-\>S0>) 
(<compute>, 3, <Q0-\>MAP0>) (<compute>, 3, <MAP0-\>CAST0>) (<compute>, 3, 
<CAST0-\>S0>) (<output>, 3, <Q-\>DISP>) (<output>, 3, <DISP-\>S>)
$$ @vis= RecoStageNodes RecoStageNrEdges RecoStageEdges RecoStageGroup
##$GS_reco_display=Yes
##$GO_reco_display=Yes
##$GO_reco_each_nr=No
##$GO_max_reco_mem=0
$$ @vis= RecoModeUser GS_reco_display RECO_GS GO_reco_display GO_reco_each_nr
##$RecoPrototype=No
$$ @vis= GO_max_reco_mem RECO_GO RecoPrototype RECO
##END=
$$ File finished by PARX at 2023-05-13 23:31:35.860 +0300
