##TITLE=Parameter List, ParaVision 6.0.1
##JCAMPDX=4.24
##DATATYPE=Parameter Values
##ORIGIN=Bruker BioSpin MRI GmbH
##OWNER=lucio
$$ 2023-05-13 23:31:35.857 +0300  lucio@wis15nmrpc
$$ /opt/PV6.0.1/data/lucio/20230513_225141_elton_9batch_tumor_mouse6_injGlu_elton_9bat_1_1/5/pdata/1/visu_pars
$$ process /opt/PV6.0.1/prog/bin/parxserver
##$VisuVersion=3
##$VisuUid=( 65 )
<2.16.756.5.5.100.1300518730.9997.1684009895.1>
##$VisuCreator=( 65 )
<ParaVision>
##$VisuCreatorVersion=( 65 )
<6.0.1>
##$VisuCreationDate=<2023-05-13T23:31:35,856+0300>
##$VisuInstanceModality=( 65 )
<MR>
$$ @vis= VisuVersion VisuUid VisuCreator VisuCreatorVersion VisuCreationDate
##$VisuCoreFrameCount=10
##$VisuCoreDim=2
##$VisuCoreSize=( 2 )
256 256
$$ @vis= VisuInstanceModality VisuInstance VisuCoreFrameCount VisuCoreDim
##$VisuCoreDimDesc=( 2 )
spatial spatial
##$VisuCoreExtent=( 2 )
40 40
##$VisuCoreFrameThickness=( 1 )
0.8
##$VisuCoreUnits=( 2, 65 )
<mm> <mm>
$$ @vis= VisuCoreSize VisuCoreDimDesc VisuCoreExtent VisuCoreFrameThickness
##$VisuCoreOrientation=( 10, 9 )
1 0 0 0 0 -1 0 1 0 1 0 0 0 0 -1 0 1 0 1 0 0 0 0 -1 0 1 0 1 0 0 0 0 -1 0 1 0 1 
0 0 0 0 -1 0 1 0 1 0 0 0 0 -1 0 1 0 1 0 0 0 0 -1 0 1 0 1 0 0 0 0 -1 0 1 0 1 0 
0 0 0 -1 0 1 0 1 0 0 0 0 -1 0 1 0
##$VisuCorePosition=( 10, 3 )
-20 6.1 20 -20 5.3 20 -20 4.5 20 -20 3.7 20 -20 2.9 20 -20 2.1 20 -20 1.3 20 
-20 0.5 20 -20 -0.3 20 -20 -1.1 20
##$VisuCoreDataMin=( 10 )
4.78456121716454 3.13829410949909 3.08590372457881 3.70331104509469 
4.40423812017526 3.78659218037462 1.56560589779533 1.02294632415722 
4.10419073042043 3.1732821318941
##$VisuCoreDataMax=( 10 )
5532.12784168037 6470.30109514826 8898.07002184524 11851.0240865305 
18261.0928436202 24476.6490509409 25150.8469666902 26689.6284330258 
27175.9937826319 32766.5
$$ @vis= VisuCoreUnits VisuCoreOrientation VisuCorePosition VisuCoreDataMin
##$VisuCoreDataOffs=( 10 )
0 0 0 0 0 0 0 0 0 0
##$VisuCoreDataSlope=( 10 )
0.00117211973339712 0.00117211973339712 0.00117211973339712 
0.00117211973339712 0.00117211973339712 0.00117211973339712 
0.00117211973339712 0.00117211973339712 0.00117211973339712 
0.00117211973339712
##$VisuCoreFrameType=( 1 )
MAGNITUDE_IMAGE
##$VisuCoreSlicePacksDef=(0, 1)
$$ @vis= VisuCoreDataMax VisuCoreDataOffs VisuCoreDataSlope VisuCoreFrameType
##$VisuCoreSlicePacksSlices=( 1 )
(0, 10)
##$VisuCoreSlicePacksSliceDist=( 1 )
0.8
$$ @vis= VisuCoreSlicePacksDef VisuCoreSlicePacksSlices
##$VisuCoreWordType=_16BIT_SGN_INT
##$VisuCoreByteOrder=littleEndian
$$ @vis= VisuCoreSlicePacksSliceDist VisuCore VisuCoreWordType
##$VisuFGOrderDescDim=1
##$VisuFGOrderDesc=( 1 )
(10, <FG_SLICE>, <>, 0, 2)
##$VisuGroupDepVals=( 2 )
(<VisuCoreOrientation>, 0) (<VisuCorePosition>, 0)
$$ @vis= VisuCoreByteOrder VisuPixel VisuFGOrderDescDim VisuFGOrderDesc
##$VisuSubjectName=( 65 )
<elton_9batch_tumor_mouse6_injGlu>
##$VisuSubjectId=( 65 )
<elton_9batch_tumor_mouse6_injGlu>
##$VisuSubjectUid=( 65 )
<2.16.756.5.5.100.1300518730.28570.1684007501.3>
$$ @vis= VisuGroupDepVals VisuFrameOrderDesc VisuSubjectName VisuSubjectId
##$VisuSubjectInstanceCreationDate=(1684007501, 203, 180)
##$VisuSubjectBirthDate=( 9 )
<20230513>
##$VisuSubjectSex=UNKNOWN
$$ @vis= VisuSubjectUid VisuSubjectInstanceCreationDate VisuSubjectBirthDate
##$VisuSubjectType=Quadruped
##$VisuStudyUid=( 65 )
<2.16.756.5.5.100.1300518730.28570.1684007501.4>
##$VisuStudyDate=<2023-05-13T22:51:41,204+0300>
$$ @vis= VisuSubjectSex VisuSubjectType VisuSubject VisuStudyUid
##$VisuStudyId=( 65 )
<elton_9batch_tumor_mouse6_injGlu>
##$VisuStudyNumber=1
##$VisuSubjectWeight=0.001
##$VisuStudyReferringPhysician=( 65 )
<lucio>
$$ @vis= VisuStudyDate VisuStudyId VisuStudyNumber VisuSubjectWeight
##$VisuStudyDescription=( 2048 )
<\
>
##$VisuExperimentNumber=5
$$ @vis= VisuStudyReferringPhysician VisuStudyDescription VisuStudy
##$VisuProcessingNumber=1
##$VisuSeriesDate=<2023-05-13T23:31:35,856+0300>
##$VisuSubjectPosition=Head_Prone
$$ @vis= VisuExperimentNumber VisuProcessingNumber VisuSeriesDate
##$VisuSeriesTypeId=( 65 )
<ACQ_BRUKER_PVM>
##$VisuSeriesComment=( 65 )
<TurboRARE>
$$ @vis= VisuSubjectPosition VisuSeriesTypeId VisuSeriesComment VisuSeries
##$VisuManufacturer=( 65 )
<Bruker BioSpin MRI GmbH>
##$VisuAcqSoftwareVersion=( 65 )
<6.0.1>
$$ @vis= VisuCoilReceive VisuCoilTransmit VisuContrastAgent VisuManufacturer
##$VisuInstitution=( 65 )
<Weizmann Institute>
##$VisuStation=( 65 )
<BioSpec 152/II US/R>
##$VisuSystemOrderNumber=( 65 )
<10224363>
$$ @vis= VisuAcqSoftwareVersion VisuInstitution VisuStation
##$VisuAcqDate=<2023-05-13T23:27:10,166+0300>
##$VisuAcqEchoTrainLength=8
$$ @vis= VisuSystemOrderNumber VisuEquipment VisuAcqDate
##$VisuAcqSequenceName=( 40 )
<Bruker:RARE>
##$VisuAcqNumberOfAverages=2
##$VisuAcqImagingFrequency=649.883908081911
$$ @vis= VisuAcqEchoTrainLength VisuAcqSequenceName VisuAcqNumberOfAverages
##$VisuAcqImagedNucleus=( 8 )
<1H>
##$VisuAcqRepetitionTime=( 1 )
1000
##$VisuAcqPhaseEncSteps=256
$$ @vis= VisuAcqImagingFrequency VisuAcqImagedNucleus VisuAcqRepetitionTime
##$VisuAcqPixelBandwidth=465.029761904762
##$VisuAcqFlipAngle=55.8819667918291
##$VisuAcqSize=( 2 )
256 256
$$ @vis= VisuAcqPhaseEncSteps VisuAcqPixelBandwidth VisuAcqFlipAngle
##$VisuAcqImageSizeAccellerated=No
##$VisuAcqGradEncoding=( 2 )
phase_enc read_enc
##$VisuAcqEchoTime=( 1 )
21
$$ @vis= VisuAcqSize VisuAcqImageSizeAccellerated VisuAcqGradEncoding
##$VisuAcquisitionProtocol=( 65 )
<T2_TurboRARE>
##$VisuAcqScanTime=64000
##$VisuAcqAntiAlias=( 2 )
1 1
$$ @vis= VisuAcqEchoTime VisuAcquisitionProtocol VisuAcqScanTime
##$VisuAcqEchoSequenceType=Both
##$VisuAcqSpinsVelocityEncoded=No
##$VisuAcqHasTimeOfFlightContrast=No
$$ @vis= VisuAcqAntiAlias VisuAcqEchoSequenceType VisuAcqSpinsVelocityEncoded
##$VisuAcqIsEpiSequence=No
##$VisuAcqSpectralSuppression=FatSuppression
$$ @vis= VisuAcqHasTimeOfFlightContrast VisuAcqIsEpiSequence
##$VisuAcqKSpaceTraversal=RectilinearTraversal
##$VisuAcqEncodingOrder=( 2 )
LinearEncoding LinearEncoding
$$ @vis= VisuAcqSpectralSuppression VisuAcqKSpaceTraversal
##$VisuAcqKSpaceTrajectoryCnt=1
##$VisuAcqKSpaceFiltering=( 2 )
NO_WDW NO_WDW
$$ @vis= VisuAcqEncodingOrder VisuAcqKSpaceTrajectoryCnt
##$VisuAcqFlowCompensation=FlowNone
##$VisuAcqSpoiling=GradientSpoiled
##$VisuAcqPartialFourier=( 2 )
1 1
$$ @vis= VisuAcqKSpaceFiltering VisuAcqFlowCompensation VisuAcqSpoiling
##$VisuAcqParallelReductionFactor=( 2 )
1 1
##$VisuAcqMagnetizationTransfer=No
$$ @vis= VisuAcqPartialFourier VisuAcqParallelReductionFactor
##$VisuAcqBloodSignalNulling=No
##$VisuCardiacSynchUsed=No
$$ @vis= VisuAcqMagnetizationTransfer VisuAcqBloodSignalNulling
##$VisuRespSynchUsed=No
$$ @vis= VisuCardiacSynchUsed VisuRespSynchUsed VisuAcquisition VisuMpi
$$ @vis= VisuDepricated Visu
##END=
$$ File finished by PARX at 2023-05-13 23:31:35.858 +0300
