##TITLE= Parameter file, TOPSPIN		Version 3.1PV
##JCAMPDX= 5.0
##DATATYPE= Parameter Values
##NPOINTS= 180	$$ modification sequence number
##ORIGIN= Bruker BioSpin MRI GmbH
##OWNER= amnon
$$ 2021-06-13 15:14:25.928 +0300  lucio@wis15nmrpc
$$ /opt/PV6.0.1/conf/instr/spect/specpar
$$ process /opt/PV6.0.1/prog/mod/cprserver
##$BF1= 650.3
##$BF2= 650.3
##$BF3= 650.3
##$HPMOD= 0 0 1 0 0 0 0 0
##$HPPRECH= (0..15)
-1 1 4 0 -1 -1 -1 -1 -1 -1 -1 -1 -1 -1 -1 -1
##$NUC1= 1
##$NUC2= 0
##$NUC3= 0
##$NUC4= 0
##$NUC5= 0
##$NUC6= 0
##$NUC7= 0
##$NUC8= 0
##$NUCARR= (0..123)
650.195 650.195 99.808891 693.523826 495.31489 95.683255 252.690465 91.364186
69.854727 208.608395 163.491663 46.969339 65.883687 88.143406 611.794555
51.328318 171.988931 39.802565 169.420394 129.175457 263.20376 49.908968
63.705514 53.028116 30.340524 16.653477 43.758312 157.943724 36.654964
36.664737 64.826451 171.020453 36.752246 161.178256 21.051871 154.272249
58.101757 172.40228 184.679392 40.68142 156.055604 198.288045 22.68085
111.33038 124.002024 33.925368 162.899725 175.59503 25.016903 62.775957
212.746756 28.178294 31.860842 60.444065 159.142834 42.372727 43.261992
146.34801 29.942462 33.558963 20.718119 29.753573 26.318717 30.257039 137.94199
144.298914 142.170046 142.474818 212.73567 231.679166 242.461825 155.595415
84.260181 170.154354 205.135021 130.087674 180.820439 53.601562 85.280499
64.593343 72.255702 85.788679 91.844211 199.089709 35.435628 21.846552
27.113131 22.366708 161.638477 71.391411 19.960987 26.202859 156.306878
22.366708 31.339399 138.751613 18.725616 53.901166 113.779613 31.345901
74.148238 52.867355 26.053314 16.365408 77.95578 27.08964 146.453823 147.929766
14.839602 50.490243 11.17035 12.165148 139.771015 11.241872 116.455269
42.988182 371.41219 375.05743 136.024689 104.481707 11.972691 100 100 100
##$OFFSF= (0..7)
-221227.999999996 0 0 0 0 0 0 0
##$OFFSH= (0..7)
2469.3999999954 0 0 0 0 0 0 0
##$OFFSX= (0..7)
0 0 0 0 0 0 0 0
##$PRECHAN= (0..15)
-1 -1 2 -1 -1 -1 -1 -1 -1 -1 -1 -1 -1 -1 -1 -1
##$RECPRE= (0..15)
-1 0 3 -1 -1 -1 -1 -1 -1 -1 -1 -1 -1 -1 -1 -1
##$RECSEL= (0..15)
0 1 2 0 0 0 0 0 0 0 0 0 0 0 0 0
##$SELREC= (0..9)
0 0 0 0 0 0 0 0 0 0
##$SFO1= 650.195
##$SFO2= 650.195
##$SFO3= 650.195
##$SFO4= 650.195
##$SFO5= 650.195
##$SFO6= 650.195
##$SFO7= 650.195
##$SFO8= 650.195
##END=
