##TITLE= Parameter file, TOPSPIN		Version 3.1PV
##JCAMPDX= 5.0
##DATATYPE= Parameter Values
##NPOINTS= 65	$$ modification sequence number
##ORIGIN= Bruker BioSpin MRI GmbH
##OWNER= lucio
$$ 2022-11-21 09:29:29.764 +0200  talia@wis15nmrpc
$$ /opt/PV6.0.1/conf/instr/spect/specpar
$$ process /opt/PV6.0.1/prog/mod/cprserver
##$BF1= 650.3
##$BF2= 650.3
##$BF3= 650.3
##$HPMOD= 0 0 1 0 0 0 0 0
##$HPPRECH= (0..15)
-1 1 4 0 -1 -1 -1 -1 -1 -1 -1 -1 -1 -1 -1 -1
##$NUC1= 6
##$NUC2= 0
##$NUC3= 0
##$NUC4= 0
##$NUC5= 0
##$NUC6= 0
##$NUC7= 0
##$NUC8= 0
##$NUCARR= (0..123)
649.943 649.943 99.770208 693.255033 495.122918 95.646171 252.592528 91.328775
69.827653 208.527543 163.428297 46.951135 65.858152 88.109243 611.557438
51.308424 171.922272 39.787138 169.354731 129.125391 263.101749 49.889625
63.680824 53.007564 30.328765 16.647023 43.741352 157.882509 36.640758
36.650526 64.801325 170.954169 36.738002 161.115787 21.043711 154.212457
58.079238 172.335461 184.607814 40.665653 155.99512 198.211193 22.672059
111.287231 123.953964 33.912219 162.836589 175.526973 25.007207 62.751626
212.6643 28.167373 31.848494 60.420638 159.081154 42.356304 43.245225 146.291289
29.930857 33.545957 20.710089 29.742042 26.308516 30.245312 137.888527
144.242987 142.114944 142.419598 212.653219 231.589373 242.367852 155.53511
84.227524 170.088406 205.055515 130.037255 180.750357 53.580787 85.247447
64.568308 72.227698 85.755429 91.808615 199.012547 35.421894 21.838085
27.102623 22.358039 161.57583 71.363741 19.95325 26.192703 156.246297 22.358039
31.327253 138.697836 18.718358 53.880275 113.735514 31.333752 74.1195 52.846865
26.043216 16.359065 77.925566 27.079141 146.397061 147.872432 14.833851
50.470674 11.166021 12.160434 139.716843 11.237514 116.410134 42.971521
371.26824 374.912067 135.971969 104.441213 11.96805 100 100 100
##$OFFSF= (0..7)
-221227.999999996 0 0 0 0 0 0 0
##$OFFSH= (0..7)
2469.3999999954 0 0 0 0 0 0 0
##$OFFSX= (0..7)
0 0 0 0 0 0 0 0
##$PRECHAN= (0..15)
-1 -1 2 -1 -1 -1 -1 -1 -1 -1 -1 -1 -1 -1 -1 -1
##$RECPRE= (0..15)
-1 0 3 -1 -1 -1 -1 -1 -1 -1 -1 -1 -1 -1 -1 -1
##$RECSEL= (0..15)
0 1 2 0 0 0 0 0 0 0 0 0 0 0 0 0
##$SELREC= (0..9)
0 0 0 0 0 0 0 0 0 0
##$SFO1= 252.592528
##$SFO2= 649.943
##$SFO3= 649.943
##$SFO4= 649.943
##$SFO5= 649.943
##$SFO6= 649.943
##$SFO7= 649.943
##$SFO8= 649.943
##END=
