##TITLE=Parameter List, ParaVision 6.0.1
##JCAMPDX=4.24
##DATATYPE=Parameter Values
##ORIGIN=Bruker BioSpin MRI GmbH
##OWNER=lucio
$$ 2021-09-08 13:38:05.053 +0300  lucio@wis15nmrpc
$$ /opt/PV6.0.1/data/lucio/20210908_095059_elton_batch7_mouse3_2021_09_08_3_elton_batc_1_1/60/method
$$ process /opt/PV6.0.1/prog/mod/acq_out
##$Method=<Bruker:RARE>
##$PVM_EchoTime=7
##$EffectiveTE=( 1 )
21
##$PVM_RareFactor=8
##$PVM_RepetitionTime=1000
##$PVM_NAverages=4
$$ @vis= Method PVM_EchoTime EffectiveTE PVM_RareFactor PVM_RepetitionTime
##$PVM_NRepetitions=1
##$PVM_NEchoImages=1
##$PVM_ScanTimeStr=( 16 )
<0h4m16s0ms>
##$PVM_ScanTime=256000
##$PVM_DeriveGains=Yes
$$ @vis= PVM_NAverages PVM_NRepetitions PVM_NEchoImages PVM_ScanTimeStr
##$ExcPulse1Enum=<Calculated>
##$ExcPulse1=(1.875, 3200, 86.1233600925342, Yes, 4, 6000, 0.156355640182891, 
0.136266551716712, 0, 50, 49.9864342205612, <$ExcPulse1Shape>)
##$ExcPulse1Ampl=(49.9864342205612, 49.9932166501422, -16.9885215748539)
##$RefPulse1Enum=<Calculated>
##$RefPulse1=(1.59375, 3200, 74.4630646724989, Yes, 4, 5100, 0.159036067876524,
 0.138462521260039, 1, 0, 49.9907938726249, <$RefPulse1Shape>)
##$RefPulse1Ampl=(49.9907938726249, 49.995396724411, -16.9889003356721)
$$ @vis= PVM_DeriveGains ExcPulse1Enum ExcPulse1 RefPulse1Enum RefPulse1
##$PVM_GradCalConst=43700.7
##$PVM_Nucleus1Enum=<1H>
##$PVM_Nucleus1=( 8 )
<1H>
##$PVM_RefPowMod1=AutoAdj
$$ @vis= RF_Pulses PVM_GradCalConst PVM_Nucleus1Enum PVM_Nucleus1
##$PVM_RefPowCh1=4.6916423057604
##$PVM_RefPowStat1=( 1024 )
<Study: Adj by AdjRefG (protocol #METHOD#)>
##$PVM_Nucleus2Enum=<2H>
##$PVM_Nucleus3Enum=<1H>
##$PVM_Nucleus4Enum=<1H>
##$PVM_Nucleus5Enum=<1H>
##$PVM_Nucleus6Enum=<1H>
##$PVM_Nucleus7Enum=<1H>
##$PVM_Nucleus8Enum=<1H>
##$PVM_FrqRef=( 8 )
650.008361332767 0 0 0 0 0 0 0
##$PVM_FrqWorkOffset=( 8 )
0 0 0 0 0 0 0 0
$$ @vis= PVM_RefPowMod1 PVM_RefPowCh1 PVM_RefPowStat1 PVM_FrqRef
##$PVM_FrqWork=( 8 )
650.008361332767 0 0 0 0 0 0 0
##$PVM_FrqRefPpm=( 8 )
4.7 0 0 0 0 0 0 0
##$PVM_FrqWorkOffsetPpm=( 8 )
0 0 0 0 0 0 0 0
##$PVM_FrqWorkPpm=( 8 )
4.7 0 0 0 0 0 0 0
$$ @vis= PVM_FrqWorkOffset PVM_FrqWork PVM_FrqRefPpm PVM_FrqWorkOffsetPpm
##$PVM_NucleiPpmWork=( 20 )
(<1H>, 4.7) (<none>, 0) (<none>, 0) (<none>, 0) (<none>, 0) (<none>, 0) 
(<none>, 0) (<none>, 0) (<none>, 0) (<none>, 0) (<none>, 0) (<none>, 0) 
(<none>, 0) (<none>, 0) (<none>, 0) (<none>, 0) (<none>, 0) (<none>, 0) 
(<none>, 0) (<none>, 0)
##$PVM_SpatDimEnum=<2D>
##$PVM_IsotropicFovRes=Isot_None
$$ @vis= PVM_FrqWorkPpm PVM_NucleiPpmWork Nuclei PVM_SpatDimEnum
##$PVM_Matrix=( 2 )
512 512
##$PVM_MinMatrix=( 2 )
32 32
##$PVM_MaxMatrix=( 2 )
2048 2048
##$PVM_DefMatrix=( 3 )
256 256 64
$$ @vis= PVM_IsotropicFovRes PVM_Matrix PVM_MinMatrix PVM_MaxMatrix
##$PVM_AntiAlias=( 2 )
1 1
##$PVM_MaxAntiAlias=( 2 )
2 8
##$PVM_EncSpectroscopy=No
##$PVM_EncUseMultiRec=No
$$ @vis= PVM_DefMatrix PVM_AntiAlias PVM_MaxAntiAlias PVM_EncSpectroscopy
##$PVM_EncActReceivers=( 1 )
On
##$PVM_EncZf=( 2 )
1 1
##$PVM_EncPft=( 2 )
1 1
##$PVM_EncPftOverscans=( 2 )
256 256
##$PVM_EncPpi=( 2 )
1 1
##$PVM_EncPpiRefLines=( 2 )
0 0
##$PVM_EncOrder=( 2 )
LINEAR_ENC LINEAR_ENC
$$ @vis= PVM_EncUseMultiRec PVM_EncZf PVM_EncPft PVM_EncPftOverscans
##$PVM_EncStart=( 2 )
0 -0.7
##$PVM_EncNReceivers=1
##$PVM_EncAvailReceivers=4
##$PVM_EncChanScaling=( 1 )
1
$$ @vis= PVM_EncOrder PVM_EncStart PVM_EncNReceivers PVM_EncAvailReceivers
##$PVM_EncMatrix=( 2 )
512 512
##$PVM_EncTotalAccel=1
##$PVM_EncSteps1=( 512 )
-160 -96 -32 32 96 160 224 -224 -159 -95 -31 33 97 161 225 -223 -158 -94 -30 
34 98 162 226 -222 -157 -93 -29 35 99 163 227 -221 -156 -92 -28 36 100 164 
228 -220 -155 -91 -27 37 101 165 229 -219 -154 -90 -26 38 102 166 230 -218 
-153 -89 -25 39 103 167 231 -217 -152 -88 -24 40 104 168 232 -216 -151 -87 
-23 41 105 169 233 -215 -150 -86 -22 42 106 170 234 -214 -149 -85 -21 43 107 
171 235 -213 -148 -84 -20 44 108 172 236 -212 -147 -83 -19 45 109 173 237 
-211 -146 -82 -18 46 110 174 238 -210 -145 -81 -17 47 111 175 239 -209 -144 
-80 -16 48 112 176 240 -208 -143 -79 -15 49 113 177 241 -207 -142 -78 -14 50 
114 178 242 -206 -141 -77 -13 51 115 179 243 -205 -140 -76 -12 52 116 180 244 
-204 -139 -75 -11 53 117 181 245 -203 -138 -74 -10 54 118 182 246 -202 -137 
-73 -9 55 119 183 247 -201 -136 -72 -8 56 120 184 248 -200 -135 -71 -7 57 121 
185 249 -199 -134 -70 -6 58 122 186 250 -198 -133 -69 -5 59 123 187 251 -197 
-132 -68 -4 60 124 188 252 -196 -131 -67 -3 61 125 189 253 -195 -130 -66 -2 
62 126 190 254 -194 -129 -65 -1 63 127 191 255 -193 -128 -64 0 64 128 192 
-256 -192 -127 -63 1 65 129 193 -255 -191 -126 -62 2 66 130 194 -254 -190 
-125 -61 3 67 131 195 -253 -189 -124 -60 4 68 132 196 -252 -188 -123 -59 5 69 
133 197 -251 -187 -122 -58 6 70 134 198 -250 -186 -121 -57 7 71 135 199 -249 
-185 -120 -56 8 72 136 200 -248 -184 -119 -55 9 73 137 201 -247 -183 -118 -54 
10 74 138 202 -246 -182 -117 -53 11 75 139 203 -245 -181 -116 -52 12 76 140 
204 -244 -180 -115 -51 13 77 141 205 -243 -179 -114 -50 14 78 142 206 -242 
-178 -113 -49 15 79 143 207 -241 -177 -112 -48 16 80 144 208 -240 -176 -111 
-47 17 81 145 209 -239 -175 -110 -46 18 82 146 210 -238 -174 -109 -45 19 83 
147 211 -237 -173 -108 -44 20 84 148 212 -236 -172 -107 -43 21 85 149 213 
-235 -171 -106 -42 22 86 150 214 -234 -170 -105 -41 23 87 151 215 -233 -169 
-104 -40 24 88 152 216 -232 -168 -103 -39 25 89 153 217 -231 -167 -102 -38 26 
90 154 218 -230 -166 -101 -37 27 91 155 219 -229 -165 -100 -36 28 92 156 220 
-228 -164 -99 -35 29 93 157 221 -227 -163 -98 -34 30 94 158 222 -226 -162 -97 
-33 31 95 159 223 -225 -161
##$PVM_EncSteps2=( 1 )
0
##$PVM_EncCentralStep1=3
$$ @vis= PVM_EncChanScaling PVM_EncMatrix PVM_EncTotalAccel PVM_EncSteps1
##$PVM_EncValues1=( 512 )
-0.625 -0.375 -0.125 0.125 0.375 0.625 0.875 -0.875 -0.62109375 -0.37109375 
-0.12109375 0.12890625 0.37890625 0.62890625 0.87890625 -0.87109375 
-0.6171875 -0.3671875 -0.1171875 0.1328125 0.3828125 0.6328125 0.8828125 
-0.8671875 -0.61328125 -0.36328125 -0.11328125 0.13671875 0.38671875 
0.63671875 0.88671875 -0.86328125 -0.609375 -0.359375 -0.109375 0.140625 
0.390625 0.640625 0.890625 -0.859375 -0.60546875 -0.35546875 -0.10546875 
0.14453125 0.39453125 0.64453125 0.89453125 -0.85546875 -0.6015625 -0.3515625 
-0.1015625 0.1484375 0.3984375 0.6484375 0.8984375 -0.8515625 -0.59765625 
-0.34765625 -0.09765625 0.15234375 0.40234375 0.65234375 0.90234375 
-0.84765625 -0.59375 -0.34375 -0.09375 0.15625 0.40625 0.65625 0.90625 
-0.84375 -0.58984375 -0.33984375 -0.08984375 0.16015625 0.41015625 0.66015625 
0.91015625 -0.83984375 -0.5859375 -0.3359375 -0.0859375 0.1640625 0.4140625 
0.6640625 0.9140625 -0.8359375 -0.58203125 -0.33203125 -0.08203125 0.16796875 
0.41796875 0.66796875 0.91796875 -0.83203125 -0.578125 -0.328125 -0.078125 
0.171875 0.421875 0.671875 0.921875 -0.828125 -0.57421875 -0.32421875 
-0.07421875 0.17578125 0.42578125 0.67578125 0.92578125 -0.82421875 
-0.5703125 -0.3203125 -0.0703125 0.1796875 0.4296875 0.6796875 0.9296875 
-0.8203125 -0.56640625 -0.31640625 -0.06640625 0.18359375 0.43359375 
0.68359375 0.93359375 -0.81640625 -0.5625 -0.3125 -0.0625 0.1875 0.4375 
0.6875 0.9375 -0.8125 -0.55859375 -0.30859375 -0.05859375 0.19140625 
0.44140625 0.69140625 0.94140625 -0.80859375 -0.5546875 -0.3046875 -0.0546875 
0.1953125 0.4453125 0.6953125 0.9453125 -0.8046875 -0.55078125 -0.30078125 
-0.05078125 0.19921875 0.44921875 0.69921875 0.94921875 -0.80078125 -0.546875 
-0.296875 -0.046875 0.203125 0.453125 0.703125 0.953125 -0.796875 -0.54296875 
-0.29296875 -0.04296875 0.20703125 0.45703125 0.70703125 0.95703125 
-0.79296875 -0.5390625 -0.2890625 -0.0390625 0.2109375 0.4609375 0.7109375 
0.9609375 -0.7890625 -0.53515625 -0.28515625 -0.03515625 0.21484375 
0.46484375 0.71484375 0.96484375 -0.78515625 -0.53125 -0.28125 -0.03125 
0.21875 0.46875 0.71875 0.96875 -0.78125 -0.52734375 -0.27734375 -0.02734375 
0.22265625 0.47265625 0.72265625 0.97265625 -0.77734375 -0.5234375 -0.2734375 
-0.0234375 0.2265625 0.4765625 0.7265625 0.9765625 -0.7734375 -0.51953125 
-0.26953125 -0.01953125 0.23046875 0.48046875 0.73046875 0.98046875 
-0.76953125 -0.515625 -0.265625 -0.015625 0.234375 0.484375 0.734375 0.984375 
-0.765625 -0.51171875 -0.26171875 -0.01171875 0.23828125 0.48828125 
0.73828125 0.98828125 -0.76171875 -0.5078125 -0.2578125 -0.0078125 0.2421875 
0.4921875 0.7421875 0.9921875 -0.7578125 -0.50390625 -0.25390625 -0.00390625 
0.24609375 0.49609375 0.74609375 0.99609375 -0.75390625 -0.5 -0.25 0 0.25 0.5 
0.75 -1 -0.75 -0.49609375 -0.24609375 0.00390625 0.25390625 0.50390625 
0.75390625 -0.99609375 -0.74609375 -0.4921875 -0.2421875 0.0078125 0.2578125 
0.5078125 0.7578125 -0.9921875 -0.7421875 -0.48828125 -0.23828125 0.01171875 
0.26171875 0.51171875 0.76171875 -0.98828125 -0.73828125 -0.484375 -0.234375 
0.015625 0.265625 0.515625 0.765625 -0.984375 -0.734375 -0.48046875 
-0.23046875 0.01953125 0.26953125 0.51953125 0.76953125 -0.98046875 
-0.73046875 -0.4765625 -0.2265625 0.0234375 0.2734375 0.5234375 0.7734375 
-0.9765625 -0.7265625 -0.47265625 -0.22265625 0.02734375 0.27734375 
0.52734375 0.77734375 -0.97265625 -0.72265625 -0.46875 -0.21875 0.03125 
0.28125 0.53125 0.78125 -0.96875 -0.71875 -0.46484375 -0.21484375 0.03515625 
0.28515625 0.53515625 0.78515625 -0.96484375 -0.71484375 -0.4609375 
-0.2109375 0.0390625 0.2890625 0.5390625 0.7890625 -0.9609375 -0.7109375 
-0.45703125 -0.20703125 0.04296875 0.29296875 0.54296875 0.79296875 
-0.95703125 -0.70703125 -0.453125 -0.203125 0.046875 0.296875 0.546875 
0.796875 -0.953125 -0.703125 -0.44921875 -0.19921875 0.05078125 0.30078125 
0.55078125 0.80078125 -0.94921875 -0.69921875 -0.4453125 -0.1953125 0.0546875 
0.3046875 0.5546875 0.8046875 -0.9453125 -0.6953125 -0.44140625 -0.19140625 
0.05859375 0.30859375 0.55859375 0.80859375 -0.94140625 -0.69140625 -0.4375 
-0.1875 0.0625 0.3125 0.5625 0.8125 -0.9375 -0.6875 -0.43359375 -0.18359375 
0.06640625 0.31640625 0.56640625 0.81640625 -0.93359375 -0.68359375 
-0.4296875 -0.1796875 0.0703125 0.3203125 0.5703125 0.8203125 -0.9296875 
-0.6796875 -0.42578125 -0.17578125 0.07421875 0.32421875 0.57421875 
0.82421875 -0.92578125 -0.67578125 -0.421875 -0.171875 0.078125 0.328125 
0.578125 0.828125 -0.921875 -0.671875 -0.41796875 -0.16796875 0.08203125 
0.33203125 0.58203125 0.83203125 -0.91796875 -0.66796875 -0.4140625 
-0.1640625 0.0859375 0.3359375 0.5859375 0.8359375 -0.9140625 -0.6640625 
-0.41015625 -0.16015625 0.08984375 0.33984375 0.58984375 0.83984375 
-0.91015625 -0.66015625 -0.40625 -0.15625 0.09375 0.34375 0.59375 0.84375 
-0.90625 -0.65625 -0.40234375 -0.15234375 0.09765625 0.34765625 0.59765625 
0.84765625 -0.90234375 -0.65234375 -0.3984375 -0.1484375 0.1015625 0.3515625 
0.6015625 0.8515625 -0.8984375 -0.6484375 -0.39453125 -0.14453125 0.10546875 
0.35546875 0.60546875 0.85546875 -0.89453125 -0.64453125 -0.390625 -0.140625 
0.109375 0.359375 0.609375 0.859375 -0.890625 -0.640625 -0.38671875 
-0.13671875 0.11328125 0.36328125 0.61328125 0.86328125 -0.88671875 
-0.63671875 -0.3828125 -0.1328125 0.1171875 0.3671875 0.6171875 0.8671875 
-0.8828125 -0.6328125 -0.37890625 -0.12890625 0.12109375 0.37109375 
0.62109375 0.87109375 -0.87890625 -0.62890625
##$PVM_EffSWh=119047.619047619
$$ @vis= PVM_EncCentralStep1 PVM_EncValues1 Encoding_Output Encoding
##$EncGradDur=0.300725
##$PVM_AcquisitionTime=4.3008
##$ReadDephDur=1.513625
##$PVM_MinEchoTime=6.91241225737522
$$ @vis= PVM_EffSWh EncGradDur PVM_AcquisitionTime ReadDephDur
##$RepetitionSpoiler=(Yes, 4, 0.71, 16.1147384850283)
##$PVM_DigAutSet=Yes
##$PVM_DigQuad=Yes
##$PVM_DigFilter=<Digital_Sharp>
$$ @vis= PVM_MinEchoTime RepetitionSpoiler PVM_DigAutSet PVM_DigQuad
##$PVM_DigRes=20
##$PVM_DigDw=0.0084
##$PVM_DigSw=119047.619047619
##$PVM_DigNp=512
##$PVM_DigShift=68
##$PVM_DigShiftDbl=68
$$ @vis= PVM_DigFilter PVM_DigRes PVM_DigDw PVM_DigSw PVM_DigNp PVM_DigShift
##$PVM_DigGroupDel=0.5712
##$PVM_DigDur=4.3008
##$PVM_DigEndDelMin=0
##$PVM_DigEndDelOpt=0.1088
$$ @vis= PVM_DigShiftDbl PVM_DigGroupDel PVM_DigDur PVM_DigEndDelMin
##$EchoSpoilingAuto=Yes
##$EchoSpoilingSlice=1
##$EchoSpoilingSliceEff=1
$$ @vis= PVM_DigEndDelOpt DigitizerPars EchoSpoilingAuto EchoSpoilingSlice
##$EchoSpoilingRead=0.25
##$EchoSpoilingReadEff=0.25
$$ @vis= EchoSpoilingSliceEff EchoSpoilingRead EchoSpoilingReadEff
##$PVM_Isotropic=Isotropic_None
##$PVM_Fov=( 2 )
40 40
##$PVM_FovCm=( 2 )
4 4
##$PVM_SpatResol=( 2 )
0.078125 0.078125
##$PVM_SliceThick=0.8
##$PVM_ObjOrderScheme=Interlaced
$$ @vis= Sequence_Details PVM_Isotropic PVM_Fov PVM_SpatResol PVM_SliceThick
##$PVM_ObjOrderList=( 10 )
0 2 4 6 8 1 3 5 7 9
##$PVM_NSPacks=1
##$PVM_SPackArrNSlices=( 1 )
10
##$PVM_MajSliceOri=No
$$ @vis= PVM_ObjOrderScheme PVM_ObjOrderList PVM_NSPacks PVM_SPackArrNSlices
##$PVM_SPackArrSliceOrient=( 1 )
coronal
##$PVM_SPackArrReadOrient=( 1 )
H_F
##$PVM_SPackArrReadOffset=( 1 )
0
$$ @vis= PVM_MajSliceOri PVM_SPackArrSliceOrient PVM_SPackArrReadOrient
##$PVM_SPackArrPhase1Offset=( 1 )
0
##$PVM_SPackArrPhase2Offset=( 1 )
0
##$PVM_SPackArrSliceOffset=( 1 )
-3
$$ @vis= PVM_SPackArrReadOffset PVM_SPackArrPhase1Offset
##$PVM_SPackArrSliceGapMode=( 1 )
non_contiguous
##$PVM_SPackArrSliceGap=( 1 )
0.2
$$ @vis= PVM_SPackArrSliceOffset PVM_SPackArrSliceGapMode
##$PVM_SPackArrSliceDistance=( 1 )
1
##$PVM_SPackArrGradOrient=( 1, 3, 3 )
0 0 1 1 0 0 0 1 0
##$PVM_SliceGeo=( 1 )
(((0 0 -1 1 0 0 0 -1 0, 0 3 0), 40 40 9.8, <+R;read> <+P;phase> <+S;slice>, 0)
, 10, 1, 256, 0.8, 0, No)
##$PVM_SliceGeoObj=(<BRUKER_SLICEPACKAGE>, GeoCuboidPackId, Standard_GobjShape,
 <PVM_SliceGeo>, <PVM_ObjOrderList>, 0, <R;read> <P;phase> <S;slice>, Yes, 
4195848)
$$ @vis= PVM_SPackArrSliceGap PVM_SPackArrSliceDistance PVM_SliceGeo
##$PVM_EffPhase0Offset=( 10 )
0 0 0 0 0 0 0 0 0 0
##$PVM_EffPhase1Offset=( 10 )
0 0 0 0 0 0 0 0 0 0
##$PVM_EffPhase2Offset=( 10 )
0 0 0 0 0 0 0 0 0 0
##$PVM_EffSliceOffset=( 10 )
-7.5 -6.5 -5.5 -4.5 -3.5 -2.5 -1.5 -0.5 0.5 1.5
##$PVM_EffReadOffset=( 10 )
0 0 0 0 0 0 0 0 0 0
##$PVM_Phase0Offset=( 10 )
0 0 0 0 0 0 0 0 0 0
##$PVM_Phase1Offset=( 10 )
0 0 0 0 0 0 0 0 0 0
##$PVM_Phase2Offset=( 10 )
0 0 0 0 0 0 0 0 0 0
##$PVM_SliceOffset=( 10 )
-7.5 -6.5 -5.5 -4.5 -3.5 -2.5 -1.5 -0.5 0.5 1.5
##$PVM_ReadOffset=( 10 )
0 0 0 0 0 0 0 0 0 0
##$PVM_DummyScans=1
##$PVM_DummyScansDur=1000
$$ @vis= PVM_SliceGeoObj SliceOffsetPars ImageGeometry PVM_DummyScans
##$PVM_FreqDriftYN=No
##$PVM_TriggerModule=On
##$PVM_TriggerMode=per_Slice
$$ @vis= PVM_DummyScansDur DummyScans_Parameters PVM_TriggerModule
##$PVM_TriggerDelay=1
##$PVM_TriggerDur=0.01
##$PVM_TriggerModuleTime=1.04
$$ @vis= PVM_TriggerMode PVM_TriggerDelay PVM_TriggerDur
##$PVM_EvolutionOnOff=Off
##$PVM_NEvolutionCycles=2
##$PVM_EvolutionCycles=1
##$PVM_EvolutionMode=Constant_Delay
##$PVM_EvolutionTime=( 2 )
1 0
##$PVM_EvolutionDelay=1
##$PVM_EvolutionModuleTime=0
##$PVM_SelIrOnOff=Off
$$ @vis= PVM_TriggerModuleTime Trigger_Parameters PVM_EvolutionOnOff
##$PVM_BlBloodOnOff=Off
##$PVM_FatSupOnOff=On
##$PVM_FatSupPulEnum=<gauss512>
##$PVM_FatSupPul=(1.20175438596491, 2280, 90, No, 4, 2740, 0.4150688, 
0.295357137487272, 0, 50, 18.8561612418151, <gauss512.exc>)
$$ @vis= PVM_SelIrOnOff PVM_BlBloodOnOff PVM_FatSupOnOff PVM_FatSupPulEnum
##$PVM_FatSupPulAmpl=(18.8561612418151, 30.7051797273808, -12.754532832483)
##$PVM_FatSupBandWidth=2280
##$PVM_FatSupSpoil=(Yes, 3, 0.426, 20.1434231062854)
##$PVM_FatSupModuleTime=1.66275438596491
$$ @vis= PVM_FatSupPul PVM_FatSupBandWidth PVM_FatSupSpoil
##$PVM_FatSupPerform=Yes
##$PVM_FatSupRampTime=0.1
##$PVM_FatSupAmpEnable=0.025
$$ @vis= PVM_FatSupModuleTime PVM_FatSupPerform PVM_FatSupRampTime
##$PVM_FatSupGradWait=0.01
##$PVM_FatSupFL=( 1 )
-2277.5092860387
##$PVM_FatSupRfLength=1201.75438596491
$$ @vis= PVM_FatSupAmpEnable PVM_FatSupGradWait PVM_FatSupFL
##$PVM_FatSupSpoilDur=0.284
##$PVM_FatSupSpoilAmp=20.1434231062854
$$ @vis= PVM_FatSupRfLength PVM_FatSupSpoilDur PVM_FatSupSpoilAmp
##$PVM_MagTransOnOff=Off
##$PVM_MagTransPulse1Enum=<gauss>
##$PVM_MagTransPulse1=(1.82666666666667, 1500, 117.1, No, 4, 2740, 0.4181723, 
0.298723764675971, 0, 50, 13.6120813068237, <gauss.exc>)
##$PVM_MagTransPulse1Ampl=(13.6120813068237, 26.0883894738864, 
-11.3392453453187)
##$PVM_MagTransPower=10.0017644460368
##$PVM_MagTransOffset=1500
##$PVM_MagTransInterDelay=0.01
##$PVM_MagTransPulsNumb=1
##$PVM_MagTransSpoil=(Yes, 5, 2, 7.15091520273131)
##$PVM_MagTransSpoiler=7.15091520273131
##$PVM_MagTransModuleTime=0
##$PVM_MagTransFL=( 1 )
1500
##$PVM_MtD0=1e-06
##$PVM_MtD1=1e-06
##$PVM_MtD2=1e-06
##$PVM_MtD3=1e-06
##$PVM_MtP0=10
##$PVM_MtLp0=0
##$PVM_FovSatOnOff=Off
##$PVM_FovSatPulEnum=<Calculated>
##$PVM_FovSatPul=(1.2, 5000, 57.1714034548659, Yes, 4, 6000, 0.162167971140585,
 0.14104934117136, 0, 50, 49.9925078056897, <$PVM_FovSatPulShape>)
##$PVM_FovSatPulAmpl=(49.9925078056897, 49.9962537625019, -16.9890492308696)
##$PVM_FovSatNSlices=1
##$PVM_FovSatThick=( 1 )
4
##$PVM_FovSatOffset=( 1 )
0
##$PVM_FovSatSpoil=(Yes, 10, 0.8, 7.15091520273131)
##$PVM_FovSatSpoilDur=0.658
##$PVM_FovSatSpoilAmp=7.15091520273131
##$PVM_FovSatModuleTime=0
##$PVM_FovSatGrad=( 1, 3 )
-2.86036608109252 0 0
##$PVM_FovSatRampTime=0.1
##$PVM_FovSatAmpEnable=0.025
##$PVM_FovSatGradWait=0.01
##$PVM_FovSatSliceOri=( 1 )
sagittal
##$PVM_FovSatSliceOriMat=( 1, 9 )
0 1 0 0 0 -1 -1 0 0
##$PVM_FovSatSliceVec=( 1, 3 )
-1 0 0
##$PVM_FovSatSlicePos=( 1, 2 )
0 0
##$PVM_FovSatFL=( 1 )
0
##$PVM_FovSatRfLength=1200
##$PVM_FovSatGeoObj=(<BRUKER_FOVSAT>, GeoPlanarId, Standard_GobjShape, 
<PVM_FovSatGeoCub>, <>, 0, <1;first> <2;second> <S;slice>, Yes, 524384)
##$PVM_FovSatGeoCub=( 1 )
(((0 1 0 0 0 -1 -1 0 0, 0 0 0), 30 30 4, <+1;first> <+2;second> <+S;slice>, 0)
, 1, 1, 1, 4, 0, No)
##$PVM_InFlowSatOnOff=Off
$$ @vis= Fat_Sup_Parameters PVM_MagTransOnOff PVM_FovSatOnOff
##$PVM_InFlowSatNSlices=1
##$PVM_InFlowSatThick=( 1 )
4
##$PVM_InFlowSatMinThick=0.114414643243701
##$PVM_InFlowSatSliceGap=1
##$PVM_FlowSatGeoObj=(<BRUKER_FLOWSAT>, GeoPlanarId, Standard_GobjShape, 
<PVM_FlowSatGeoCub>, <>, 0, <1;first> <2;second> <S;slice>, Yes, 553191)
##$PVM_FlowSatGeoCub=( 1 )
(((-1 0 0 0 1 0 0 0 -1, 0 0 -7.35), 42 42 4, <+1;first> <+2;second> <+S;slice>
, 0), 1, 1, 1, 4, 0, No)
##$PVM_FlowSatPulEnum=<Calculated>
##$PVM_FlowSatPul=(1.2, 5000, 57.1714034548659, Yes, 4, 6000, 
0.162167971140585, 0.14104934117136, 0, 50, 49.9925078056897, 
<$PVM_FlowSatPulShape>)
##$PVM_FlowSatPulAmpl=(49.9925078056897, 49.9962537625019, -16.9890492308696)
##$PVM_InFlowSatSpoil=(Yes, 5, 0.426, 6.71447436876179)
##$PVM_InFlowSatPos=up
##$PVM_InFlowSatModuleTime=0
##$PVM_InFlowSatFL=( 10 )
-5125 -2625 -125 2375 4875 -3875 -1375 1125 3625 6125
##$PVM_SfD0=0.000142
##$PVM_SfD1=2.5e-05
##$PVM_SfD2=0.000426
##$PVM_SfP0=1200
##$PVM_SfLp0=1
##$PVM_TaggingOnOff=Off
##$PVM_TaggingPulEnum=<bp>
##$PVM_TaggingPul=(0.2, 6400, 58.7617958988306, No, 3, 1280, 1, 1, 0, 50, 50, 
<bp.exc>)
##$PVM_TaggingPulAmpl=(50, 50, -16.9897000433602)
##$PVM_TaggingMode=SPAMM
##$PVM_TaggingDir=Tagging_grid
##$PVM_TaggingDistance=1
##$PVM_TaggingMinDistance=0.001
##$PVM_TaggingThick=0.2
##$PVM_TaggingOffset1=0
##$PVM_TaggingOffset2=0
##$PVM_TaggingAngle=0
##$PVM_TaggingDelay=0.01
##$PVM_TaggingModuleTime=0
##$PVM_TaggingInterPulseDelay=0.639658572974804
##$PVM_TaggingPulseNumber=5
##$PVM_TaggingPulseElement=0.04
##$PVM_TaggingGradientStrength=5
##$PVM_TaggingGridDelay=0.01
##$PVM_TaggingFL=( 2 )
0 0
##$PVM_TaggingD0=1e-05
##$PVM_TaggingD1=1e-05
##$PVM_TaggingD2=0.000457658572974804
##$PVM_TaggingD3=0.000443802973407749
##$PVM_TaggingD4=0.000142
##$PVM_TaggingD5=2.5e-05
##$PVM_TaggingP0=40
##$PVM_TaggingLp0=4
##$PVM_TaggingGradAmp1=5
##$PVM_TaggingGradAmp2=-0
##$PVM_TaggingGradAmp3=0
##$PVM_TaggingGradAmp4=5
##$PVM_TaggingSpoiler=(Yes, 1, 0.585802973407749, 50)
##$PVM_MotionSupOnOff=On
##$PVM_FlipBackOnOff=On
$$ @vis= PVM_InFlowSatOnOff PVM_TaggingOnOff PVM_MotionSupOnOff
##$PVM_MapShimReady=Yes
##$PVM_MapShimLocShim=No
##$PVM_MapShimStatus=( 128 )
<Mapshim ready.>
##$PVM_MapShimCalcStat=( 256 )
<Not Calculated.>
##$PVM_MapShimNSets=1
$$ @vis= PVM_FlipBackOnOff Preparation PVM_MapShimReady PVM_MapShimStatus
##$PVM_MapShimSets=( 1 )
(0, 0, 0, 0, 0, 0, 0, 0, 0, 0, 0, 0, 0, 0, 0, 0, 0, 0, 0, 0, 0, 0, 0, 0, 0, 0,
 0, 0, 0, 0, 0, 0, 0, 0, 0, 0, 0, 0, 0)
##$PVM_MapShimNVolumes=1
##$PVM_MapShimVolShape=Cuboid
##$PVM_StudyB0Map=(</opt/PV6.0.1/data/lucio>, 
<20210908_095059_elton_batch7_mouse3_2021_09_08_3_elton_batc_1_1>, 4, 1)
##$PVM_StudyB0MapShimset=(0, -484, 456, -1488, 0, 632, 183, -1, -241, -322, 
109, 1421, -853, 0, 294, -11, 79, -216, 0, 0, 0, 0, 0, 0, 0, 0, 0, 0, 0, 0, 0,
 0, 0, 0, 0, 0, 0, 0, 0)
$$ @vis= PVM_MapShimNSets PVM_MapShimSets PVM_MapShimNVolumes PVM_StudyB0Map
##$PVM_ReqShimEnum=Current_Shim
##$PVM_MapShimUseShims=AllShims
##$PVM_MapShimVolDerive=No
##$PVM_MapShimVolMargin=( 3 )
0 0 0
##$PVM_GeoObj=( 1, 65 )
<PVM_SliceGeoObj>
##$PVM_ExportHandler=( 3 )
(<BRUKER_PARIMPORT_SLICEGEO>, <>, <Slice Geometry>) (<BRUKER_PARIMPORT_FOVSAT>
, <>, <FOV Saturation>) (<BRUKER_PARIMPORT_SLICEORIENT>, <>, <Slice 
Orientation>)
$$ @vis= PVM_StudyB0MapShimset PVM_ReqShimEnum MapShim MethodClass PVM_GeoObj
$$ @vis= PVM_ExportHandler StandardMethodGroup
##END=
$$ File finished by PARX at 2021-09-08 13:38:05.055 +0300
