##TITLE=Parameter List, ParaVision 6.0.1
##JCAMPDX=4.24
##DATATYPE=Parameter Values
##ORIGIN=Bruker BioSpin MRI GmbH
##OWNER=lucio
$$ 2023-05-13 23:31:36.074 +0300  lucio@wis15nmrpc
$$ /opt/PV6.0.1/data/lucio/20230513_225141_elton_9batch_tumor_mouse6_injGlu_elton_9bat_1_1/5/method
$$ process /opt/PV6.0.1/prog/mod/acq_out
##$Method=<Bruker:RARE>
##$PVM_EchoTime=7
##$EffectiveTE=( 1 )
21
##$PVM_RareFactor=8
##$PVM_RepetitionTime=1000
##$PVM_NAverages=2
$$ @vis= Method PVM_EchoTime EffectiveTE PVM_RareFactor PVM_RepetitionTime
##$PVM_NRepetitions=1
##$PVM_NEchoImages=1
##$PVM_ScanTimeStr=( 16 )
<0h1m4s0ms>
##$PVM_ScanTime=64000
##$PVM_DeriveGains=Yes
$$ @vis= PVM_NAverages PVM_NRepetitions PVM_NEchoImages PVM_ScanTimeStr
##$ExcPulse1Enum=<Calculated>
##$ExcPulse1=(1.875, 3200, 55.8819667918291, Yes, 4, 6000, 0.162364204118116, 
0.141212171183022, 0, 50, 15.5093921062676, <$ExcPulse1Shape>)
##$ExcPulse1Ampl=(15.5093921062676, 27.8472548972673, -11.9059477588792)
##$RefPulse1Enum=<Calculated>
##$RefPulse1=(1.59375, 3200, 47.826351102296, Yes, 4, 5100, 0.163479314027429, 
0.142139139428736, 1, 0, 15.5096864069487, <$RefPulse1Shape>)
##$RefPulse1Ampl=(15.5096864069487, 27.8475191057917, -11.9060301682659)
$$ @vis= PVM_DeriveGains ExcPulse1Enum ExcPulse1 RefPulse1Enum RefPulse1
##$PVM_GradCalConst=43700.7
##$PVM_Nucleus1Enum=<1H>
##$PVM_Nucleus1=( 8 )
<1H>
##$PVM_RefPowMod1=AutoAdj
$$ @vis= RF_Pulses PVM_GradCalConst PVM_Nucleus1Enum PVM_Nucleus1
##$PVM_RefPowCh1=3.72837467315915
##$PVM_RefPowStat1=( 1024 )
<Study: Adj by AdjRefG (protocol #METHOD#)>
##$PVM_Nucleus2Enum=<2H>
##$PVM_Nucleus3Enum=<1H>
##$PVM_Nucleus4Enum=<1H>
##$PVM_Nucleus5Enum=<1H>
##$PVM_Nucleus6Enum=<1H>
##$PVM_Nucleus7Enum=<1H>
##$PVM_Nucleus8Enum=<1H>
##$PVM_FrqRef=( 8 )
649.883908081911 0 0 0 0 0 0 0
##$PVM_FrqWorkOffset=( 8 )
0 0 0 0 0 0 0 0
$$ @vis= PVM_RefPowMod1 PVM_RefPowCh1 PVM_RefPowStat1 PVM_FrqRef
##$PVM_FrqWork=( 8 )
649.883908081911 0 0 0 0 0 0 0
##$PVM_FrqRefPpm=( 8 )
4.7 0 0 0 0 0 0 0
##$PVM_FrqWorkOffsetPpm=( 8 )
0 0 0 0 0 0 0 0
##$PVM_FrqWorkPpm=( 8 )
4.7 0 0 0 0 0 0 0
$$ @vis= PVM_FrqWorkOffset PVM_FrqWork PVM_FrqRefPpm PVM_FrqWorkOffsetPpm
##$PVM_NucleiPpmWork=( 20 )
(<1H>, 4.7) (<none>, 0) (<none>, 0) (<none>, 0) (<none>, 0) (<none>, 0) 
(<none>, 0) (<none>, 0) (<none>, 0) (<none>, 0) (<none>, 0) (<none>, 0) 
(<none>, 0) (<none>, 0) (<none>, 0) (<none>, 0) (<none>, 0) (<none>, 0) 
(<none>, 0) (<none>, 0)
##$PVM_SpatDimEnum=<2D>
##$PVM_IsotropicFovRes=Isot_None
$$ @vis= PVM_FrqWorkPpm PVM_NucleiPpmWork Nuclei PVM_SpatDimEnum
##$PVM_Matrix=( 2 )
256 256
##$PVM_MinMatrix=( 2 )
32 32
##$PVM_MaxMatrix=( 2 )
2048 2048
##$PVM_DefMatrix=( 3 )
256 256 64
$$ @vis= PVM_IsotropicFovRes PVM_Matrix PVM_MinMatrix PVM_MaxMatrix
##$PVM_AntiAlias=( 2 )
1 1
##$PVM_MaxAntiAlias=( 2 )
2 8
##$PVM_EncSpectroscopy=No
##$PVM_EncUseMultiRec=No
$$ @vis= PVM_DefMatrix PVM_AntiAlias PVM_MaxAntiAlias PVM_EncSpectroscopy
##$PVM_EncActReceivers=( 1 )
On
##$PVM_EncZf=( 2 )
1 1
##$PVM_EncPft=( 2 )
1 1
##$PVM_EncPftOverscans=( 2 )
128 128
##$PVM_EncPpi=( 2 )
1 1
##$PVM_EncPpiRefLines=( 2 )
0 0
##$PVM_EncOrder=( 2 )
LINEAR_ENC LINEAR_ENC
$$ @vis= PVM_EncUseMultiRec PVM_EncZf PVM_EncPft PVM_EncPftOverscans
##$PVM_EncStart=( 2 )
0 -0.7
##$PVM_EncNReceivers=1
##$PVM_EncAvailReceivers=4
##$PVM_EncChanScaling=( 1 )
1
$$ @vis= PVM_EncOrder PVM_EncStart PVM_EncNReceivers PVM_EncAvailReceivers
##$PVM_EncMatrix=( 2 )
256 256
##$PVM_EncTotalAccel=1
##$PVM_EncSteps1=( 256 )
-80 -48 -16 16 48 80 112 -112 -79 -47 -15 17 49 81 113 -111 -78 -46 -14 18 50 
82 114 -110 -77 -45 -13 19 51 83 115 -109 -76 -44 -12 20 52 84 116 -108 -75 
-43 -11 21 53 85 117 -107 -74 -42 -10 22 54 86 118 -106 -73 -41 -9 23 55 87 
119 -105 -72 -40 -8 24 56 88 120 -104 -71 -39 -7 25 57 89 121 -103 -70 -38 -6 
26 58 90 122 -102 -69 -37 -5 27 59 91 123 -101 -68 -36 -4 28 60 92 124 -100 
-67 -35 -3 29 61 93 125 -99 -66 -34 -2 30 62 94 126 -98 -65 -33 -1 31 63 95 
127 -97 -64 -32 0 32 64 96 -128 -96 -63 -31 1 33 65 97 -127 -95 -62 -30 2 34 
66 98 -126 -94 -61 -29 3 35 67 99 -125 -93 -60 -28 4 36 68 100 -124 -92 -59 
-27 5 37 69 101 -123 -91 -58 -26 6 38 70 102 -122 -90 -57 -25 7 39 71 103 
-121 -89 -56 -24 8 40 72 104 -120 -88 -55 -23 9 41 73 105 -119 -87 -54 -22 10 
42 74 106 -118 -86 -53 -21 11 43 75 107 -117 -85 -52 -20 12 44 76 108 -116 
-84 -51 -19 13 45 77 109 -115 -83 -50 -18 14 46 78 110 -114 -82 -49 -17 15 47 
79 111 -113 -81
##$PVM_EncSteps2=( 1 )
0
##$PVM_EncCentralStep1=3
$$ @vis= PVM_EncChanScaling PVM_EncMatrix PVM_EncTotalAccel PVM_EncSteps1
##$PVM_EncValues1=( 256 )
-0.625 -0.375 -0.125 0.125 0.375 0.625 0.875 -0.875 -0.6171875 -0.3671875 
-0.1171875 0.1328125 0.3828125 0.6328125 0.8828125 -0.8671875 -0.609375 
-0.359375 -0.109375 0.140625 0.390625 0.640625 0.890625 -0.859375 -0.6015625 
-0.3515625 -0.1015625 0.1484375 0.3984375 0.6484375 0.8984375 -0.8515625 
-0.59375 -0.34375 -0.09375 0.15625 0.40625 0.65625 0.90625 -0.84375 
-0.5859375 -0.3359375 -0.0859375 0.1640625 0.4140625 0.6640625 0.9140625 
-0.8359375 -0.578125 -0.328125 -0.078125 0.171875 0.421875 0.671875 0.921875 
-0.828125 -0.5703125 -0.3203125 -0.0703125 0.1796875 0.4296875 0.6796875 
0.9296875 -0.8203125 -0.5625 -0.3125 -0.0625 0.1875 0.4375 0.6875 0.9375 
-0.8125 -0.5546875 -0.3046875 -0.0546875 0.1953125 0.4453125 0.6953125 
0.9453125 -0.8046875 -0.546875 -0.296875 -0.046875 0.203125 0.453125 0.703125 
0.953125 -0.796875 -0.5390625 -0.2890625 -0.0390625 0.2109375 0.4609375 
0.7109375 0.9609375 -0.7890625 -0.53125 -0.28125 -0.03125 0.21875 0.46875 
0.71875 0.96875 -0.78125 -0.5234375 -0.2734375 -0.0234375 0.2265625 0.4765625 
0.7265625 0.9765625 -0.7734375 -0.515625 -0.265625 -0.015625 0.234375 
0.484375 0.734375 0.984375 -0.765625 -0.5078125 -0.2578125 -0.0078125 
0.2421875 0.4921875 0.7421875 0.9921875 -0.7578125 -0.5 -0.25 0 0.25 0.5 0.75 
-1 -0.75 -0.4921875 -0.2421875 0.0078125 0.2578125 0.5078125 0.7578125 
-0.9921875 -0.7421875 -0.484375 -0.234375 0.015625 0.265625 0.515625 0.765625 
-0.984375 -0.734375 -0.4765625 -0.2265625 0.0234375 0.2734375 0.5234375 
0.7734375 -0.9765625 -0.7265625 -0.46875 -0.21875 0.03125 0.28125 0.53125 
0.78125 -0.96875 -0.71875 -0.4609375 -0.2109375 0.0390625 0.2890625 0.5390625 
0.7890625 -0.9609375 -0.7109375 -0.453125 -0.203125 0.046875 0.296875 
0.546875 0.796875 -0.953125 -0.703125 -0.4453125 -0.1953125 0.0546875 
0.3046875 0.5546875 0.8046875 -0.9453125 -0.6953125 -0.4375 -0.1875 0.0625 
0.3125 0.5625 0.8125 -0.9375 -0.6875 -0.4296875 -0.1796875 0.0703125 
0.3203125 0.5703125 0.8203125 -0.9296875 -0.6796875 -0.421875 -0.171875 
0.078125 0.328125 0.578125 0.828125 -0.921875 -0.671875 -0.4140625 -0.1640625 
0.0859375 0.3359375 0.5859375 0.8359375 -0.9140625 -0.6640625 -0.40625 
-0.15625 0.09375 0.34375 0.59375 0.84375 -0.90625 -0.65625 -0.3984375 
-0.1484375 0.1015625 0.3515625 0.6015625 0.8515625 -0.8984375 -0.6484375 
-0.390625 -0.140625 0.109375 0.359375 0.609375 0.859375 -0.890625 -0.640625 
-0.3828125 -0.1328125 0.1171875 0.3671875 0.6171875 0.8671875 -0.8828125 
-0.6328125
##$PVM_EffSWh=119047.619047619
$$ @vis= PVM_EncCentralStep1 PVM_EncValues1 Encoding_Output Encoding
##$EncGradDur=1.1716059468155
##$PVM_AcquisitionTime=2.1504
##$ReadDephDur=1.513625
##$PVM_MinEchoTime=4.57204380410182
$$ @vis= PVM_EffSWh EncGradDur PVM_AcquisitionTime ReadDephDur
##$RepetitionSpoiler=(Yes, 4, 0.71, 16.1147384850283)
##$PVM_DigAutSet=Yes
##$PVM_DigQuad=Yes
##$PVM_DigFilter=<Digital_Sharp>
$$ @vis= PVM_MinEchoTime RepetitionSpoiler PVM_DigAutSet PVM_DigQuad
##$PVM_DigRes=20
##$PVM_DigDw=0.0084
##$PVM_DigSw=119047.619047619
##$PVM_DigNp=256
##$PVM_DigShift=68
##$PVM_DigShiftDbl=68
$$ @vis= PVM_DigFilter PVM_DigRes PVM_DigDw PVM_DigSw PVM_DigNp PVM_DigShift
##$PVM_DigGroupDel=0.5712
##$PVM_DigDur=2.1504
##$PVM_DigEndDelMin=0
##$PVM_DigEndDelOpt=0.1088
$$ @vis= PVM_DigShiftDbl PVM_DigGroupDel PVM_DigDur PVM_DigEndDelMin
##$EchoSpoilingAuto=Yes
##$EchoSpoilingSlice=1
##$EchoSpoilingSliceEff=1
$$ @vis= PVM_DigEndDelOpt DigitizerPars EchoSpoilingAuto EchoSpoilingSlice
##$EchoSpoilingRead=0.25
##$EchoSpoilingReadEff=0.25
$$ @vis= EchoSpoilingSliceEff EchoSpoilingRead EchoSpoilingReadEff
##$PVM_Isotropic=Isotropic_None
##$PVM_Fov=( 2 )
40 40
##$PVM_FovCm=( 2 )
4 4
##$PVM_SpatResol=( 2 )
0.15625 0.15625
##$PVM_SliceThick=0.8
##$PVM_ObjOrderScheme=Interlaced
$$ @vis= Sequence_Details PVM_Isotropic PVM_Fov PVM_SpatResol PVM_SliceThick
##$PVM_ObjOrderList=( 10 )
0 2 4 6 8 1 3 5 7 9
##$PVM_NSPacks=1
##$PVM_SPackArrNSlices=( 1 )
10
##$PVM_MajSliceOri=No
$$ @vis= PVM_ObjOrderScheme PVM_ObjOrderList PVM_NSPacks PVM_SPackArrNSlices
##$PVM_SPackArrSliceOrient=( 1 )
coronal
##$PVM_SPackArrReadOrient=( 1 )
H_F
##$PVM_SPackArrReadOffset=( 1 )
0
$$ @vis= PVM_MajSliceOri PVM_SPackArrSliceOrient PVM_SPackArrReadOrient
##$PVM_SPackArrPhase1Offset=( 1 )
0
##$PVM_SPackArrPhase2Offset=( 1 )
0
##$PVM_SPackArrSliceOffset=( 1 )
-2.5
$$ @vis= PVM_SPackArrReadOffset PVM_SPackArrPhase1Offset
##$PVM_SPackArrSliceGapMode=( 1 )
non_contiguous
##$PVM_SPackArrSliceGap=( 1 )
0
$$ @vis= PVM_SPackArrSliceOffset PVM_SPackArrSliceGapMode
##$PVM_SPackArrSliceDistance=( 1 )
0.8
##$PVM_SPackArrGradOrient=( 1, 3, 3 )
0 0 1 1 0 0 0 1 0
##$PVM_SliceGeo=( 1 )
(((0 0 -1 1 0 0 0 -1 0, 0 2.5 0), 40 40 8, <+R;read> <+P;phase> <+S;slice>, 0)
, 10, 1, 256, 0.8, 0, No)
##$PVM_SliceGeoObj=(<BRUKER_SLICEPACKAGE>, GeoCuboidPackId, Standard_GobjShape,
 <PVM_SliceGeo>, <PVM_ObjOrderList>, 0, <R;read> <P;phase> <S;slice>, Yes, 
4195848)
$$ @vis= PVM_SPackArrSliceGap PVM_SPackArrSliceDistance PVM_SliceGeo
##$PVM_EffPhase0Offset=( 10 )
0 0 0 0 0 0 0 0 0 0
##$PVM_EffPhase1Offset=( 10 )
0 0 0 0 0 0 0 0 0 0
##$PVM_EffPhase2Offset=( 10 )
0 0 0 0 0 0 0 0 0 0
##$PVM_EffSliceOffset=( 10 )
-6.1 -5.3 -4.5 -3.7 -2.9 -2.1 -1.3 -0.5 0.3 1.1
##$PVM_EffReadOffset=( 10 )
0 0 0 0 0 0 0 0 0 0
##$PVM_Phase0Offset=( 10 )
0 0 0 0 0 0 0 0 0 0
##$PVM_Phase1Offset=( 10 )
0 0 0 0 0 0 0 0 0 0
##$PVM_Phase2Offset=( 10 )
0 0 0 0 0 0 0 0 0 0
##$PVM_SliceOffset=( 10 )
-6.1 -5.3 -4.5 -3.7 -2.9 -2.1 -1.3 -0.5 0.3 1.1
##$PVM_ReadOffset=( 10 )
0 0 0 0 0 0 0 0 0 0
##$PVM_DummyScans=1
##$PVM_DummyScansDur=1000
$$ @vis= PVM_SliceGeoObj SliceOffsetPars ImageGeometry PVM_DummyScans
##$PVM_FreqDriftYN=No
##$PVM_TriggerModule=On
##$PVM_TriggerMode=per_Slice
$$ @vis= PVM_DummyScansDur DummyScans_Parameters PVM_TriggerModule
##$PVM_TriggerDelay=1
##$PVM_TriggerDur=0.01
##$PVM_TriggerModuleTime=1.04
$$ @vis= PVM_TriggerMode PVM_TriggerDelay PVM_TriggerDur
##$PVM_EvolutionOnOff=Off
##$PVM_NEvolutionCycles=2
##$PVM_EvolutionCycles=1
##$PVM_EvolutionMode=Constant_Delay
##$PVM_EvolutionTime=( 2 )
1 0
##$PVM_EvolutionDelay=1
##$PVM_EvolutionModuleTime=0
##$PVM_SelIrOnOff=Off
$$ @vis= PVM_TriggerModuleTime Trigger_Parameters PVM_EvolutionOnOff
##$PVM_BlBloodOnOff=Off
##$PVM_FatSupOnOff=On
##$PVM_FatSupPulEnum=<gauss512>
##$PVM_FatSupPul=(1.20175438596491, 2280, 90, No, 4, 2740, 0.4150688, 
0.295357137487272, 0, 50, 14.9846960670192, <gauss512.exc>)
$$ @vis= PVM_SelIrOnOff PVM_BlBloodOnOff PVM_FatSupOnOff PVM_FatSupPulEnum
##$PVM_FatSupPulAmpl=(14.9846960670192, 27.3721537945219, -11.7564793862267)
##$PVM_FatSupBandWidth=2280
##$PVM_FatSupSpoil=(Yes, 3, 0.426, 20.1434231062854)
##$PVM_FatSupModuleTime=1.66275438596491
$$ @vis= PVM_FatSupPul PVM_FatSupBandWidth PVM_FatSupSpoil
##$PVM_FatSupPerform=Yes
##$PVM_FatSupRampTime=0.1
##$PVM_FatSupAmpEnable=0.025
$$ @vis= PVM_FatSupModuleTime PVM_FatSupPerform PVM_FatSupRampTime
##$PVM_FatSupGradWait=0.01
##$PVM_FatSupFL=( 1 )
-2277.29149387332
##$PVM_FatSupRfLength=1201.75438596491
$$ @vis= PVM_FatSupAmpEnable PVM_FatSupGradWait PVM_FatSupFL
##$PVM_FatSupSpoilDur=0.284
##$PVM_FatSupSpoilAmp=20.1434231062854
$$ @vis= PVM_FatSupRfLength PVM_FatSupSpoilDur PVM_FatSupSpoilAmp
##$PVM_MagTransOnOff=Off
##$PVM_MagTransPulse1Enum=<gauss>
##$PVM_MagTransPulse1=(1.82666666666667, 1500, 117.1, No, 4, 2740, 0.4181723, 
0.298723764675971, 0, 50, 10.8173078606254, <gauss.exc>)
##$PVM_MagTransPulse1Ampl=(10.8173078606254, 23.2565129164127, 
-10.3411918990624)
##$PVM_MagTransPower=10.0017644460368
##$PVM_MagTransOffset=1500
##$PVM_MagTransInterDelay=0.01
##$PVM_MagTransPulsNumb=1
##$PVM_MagTransSpoil=(Yes, 5, 2, 7.15091520273131)
##$PVM_MagTransSpoiler=7.15091520273131
##$PVM_MagTransModuleTime=0
##$PVM_MagTransFL=( 1 )
1500
##$PVM_MtD0=1e-06
##$PVM_MtD1=1e-06
##$PVM_MtD2=1e-06
##$PVM_MtD3=1e-06
##$PVM_MtP0=10
##$PVM_MtLp0=0
##$PVM_FovSatOnOff=Off
##$PVM_FovSatPulEnum=<Calculated>
##$PVM_FovSatPul=(1.2, 5000, 36.2919950981434, Yes, 4, 6000, 0.164754766590143,
 0.14320287879252, 0, 50, 15.5102125316686, <$PVM_FovSatPulShape>)
##$PVM_FovSatPulAmpl=(15.5102125316686, 27.84799142817, -11.90617748858)
##$PVM_FovSatNSlices=1
##$PVM_FovSatThick=( 1 )
4
##$PVM_FovSatOffset=( 1 )
0
##$PVM_FovSatSpoil=(Yes, 10, 0.8, 7.15091520273131)
##$PVM_FovSatSpoilDur=0.658
##$PVM_FovSatSpoilAmp=7.15091520273131
##$PVM_FovSatModuleTime=0
##$PVM_FovSatGrad=( 1, 3 )
-2.86036608109252 0 0
##$PVM_FovSatRampTime=0.1
##$PVM_FovSatAmpEnable=0.025
##$PVM_FovSatGradWait=0.01
##$PVM_FovSatSliceOri=( 1 )
sagittal
##$PVM_FovSatSliceOriMat=( 1, 9 )
0 1 0 0 0 -1 -1 0 0
##$PVM_FovSatSliceVec=( 1, 3 )
-1 0 0
##$PVM_FovSatSlicePos=( 1, 2 )
0 0
##$PVM_FovSatFL=( 1 )
0
##$PVM_FovSatRfLength=1200
##$PVM_FovSatGeoObj=(<BRUKER_FOVSAT>, GeoPlanarId, Standard_GobjShape, 
<PVM_FovSatGeoCub>, <>, 0, <1;first> <2;second> <S;slice>, Yes, 524384)
##$PVM_FovSatGeoCub=( 1 )
(((0 1 0 0 0 -1 -1 0 0, 0 0 0), 30 30 4, <+1;first> <+2;second> <+S;slice>, 0)
, 1, 1, 1, 4, 0, No)
##$PVM_InFlowSatOnOff=Off
$$ @vis= Fat_Sup_Parameters PVM_MagTransOnOff PVM_FovSatOnOff
##$PVM_InFlowSatNSlices=1
##$PVM_InFlowSatThick=( 1 )
4
##$PVM_InFlowSatMinThick=0.114414643243701
##$PVM_InFlowSatSliceGap=1
##$PVM_FlowSatGeoObj=(<BRUKER_FLOWSAT>, GeoPlanarId, Standard_GobjShape, 
<PVM_FlowSatGeoCub>, <>, 0, <1;first> <2;second> <S;slice>, Yes, 553191)
##$PVM_FlowSatGeoCub=( 1 )
(((-1 0 0 0 1 0 0 0 -1, 0 0 -7.35), 42 42 4, <+1;first> <+2;second> <+S;slice>
, 0), 1, 1, 1, 4, 0, No)
##$PVM_FlowSatPulEnum=<Calculated>
##$PVM_FlowSatPul=(1.2, 5000, 36.2919950981434, Yes, 4, 6000, 
0.164754766590143, 0.14320287879252, 0, 50, 15.5102125316686, 
<$PVM_FlowSatPulShape>)
##$PVM_FlowSatPulAmpl=(15.5102125316686, 27.84799142817, -11.90617748858)
##$PVM_InFlowSatSpoil=(Yes, 5, 0.426, 6.71447436876179)
##$PVM_InFlowSatPos=up
##$PVM_InFlowSatModuleTime=0
##$PVM_InFlowSatFL=( 10 )
-3375 -1375 625 2625 4625 -2375 -375 1625 3625 5625
##$PVM_SfD0=0.000142
##$PVM_SfD1=2.5e-05
##$PVM_SfD2=0.000426
##$PVM_SfP0=1200
##$PVM_SfLp0=1
##$PVM_TaggingOnOff=Off
##$PVM_TaggingPulEnum=<bp>
##$PVM_TaggingPul=(0.2, 6400, 36.7144613782909, No, 3, 1280, 1, 1, 0, 50, 
15.5113237132567, <bp.exc>)
##$PVM_TaggingPulAmpl=(15.5113237132567, 27.8489889522553, -11.9064886143917)
##$PVM_TaggingMode=SPAMM
##$PVM_TaggingDir=Tagging_grid
##$PVM_TaggingDistance=1
##$PVM_TaggingMinDistance=0.001
##$PVM_TaggingThick=0.2
##$PVM_TaggingOffset1=0
##$PVM_TaggingOffset2=0
##$PVM_TaggingAngle=0
##$PVM_TaggingDelay=0.01
##$PVM_TaggingModuleTime=0
##$PVM_TaggingInterPulseDelay=0.639658572974804
##$PVM_TaggingPulseNumber=5
##$PVM_TaggingPulseElement=0.04
##$PVM_TaggingGradientStrength=5
##$PVM_TaggingGridDelay=0.01
##$PVM_TaggingFL=( 2 )
0 0
##$PVM_TaggingD0=1e-05
##$PVM_TaggingD1=1e-05
##$PVM_TaggingD2=0.000457658572974804
##$PVM_TaggingD3=0.000284
##$PVM_TaggingD4=0.000142
##$PVM_TaggingD5=2.5e-05
##$PVM_TaggingP0=40
##$PVM_TaggingLp0=4
##$PVM_TaggingGradAmp1=5
##$PVM_TaggingGradAmp2=-0
##$PVM_TaggingGradAmp3=0
##$PVM_TaggingGradAmp4=5
##$PVM_TaggingSpoiler=(Yes, 1, 0.426, 34.3781087680604)
##$PVM_MotionSupOnOff=On
##$PVM_FlipBackOnOff=On
$$ @vis= PVM_InFlowSatOnOff PVM_TaggingOnOff PVM_MotionSupOnOff
##$PVM_MapShimReady=Yes
##$PVM_MapShimLocShim=No
##$PVM_MapShimStatus=( 128 )
<Mapshim ready.>
##$PVM_MapShimCalcStat=( 256 )
<Not Calculated.>
##$PVM_MapShimNSets=1
$$ @vis= PVM_FlipBackOnOff Preparation PVM_MapShimReady PVM_MapShimStatus
##$PVM_MapShimSets=( 1 )
(0, 0, 0, 0, 0, 0, 0, 0, 0, 0, 0, 0, 0, 0, 0, 0, 0, 0, 0, 0, 0, 0, 0, 0, 0, 0,
 0, 0, 0, 0, 0, 0, 0, 0, 0, 0, 0, 0, 0)
##$PVM_MapShimNVolumes=1
##$PVM_MapShimVolShape=Cuboid
##$PVM_StudyB0Map=(</opt/PV6.0.1/data/lucio>, 
<20230513_225141_elton_9batch_tumor_mouse6_injGlu_elton_9bat_1_1>, 3, 1)
##$PVM_StudyB0MapShimset=(0, -1674, 456, -1488, 0, 860, 233, -1, -241, -322, 
109, 1421, -853, 0, 294, -11, 79, -216, 0, 0, 0, 0, 0, 0, 0, 0, 0, 0, 0, 0, 0,
 0, 0, 0, 0, 0, 0, 0, 0)
$$ @vis= PVM_MapShimNSets PVM_MapShimSets PVM_MapShimNVolumes PVM_StudyB0Map
##$PVM_ReqShimEnum=Current_Shim
##$PVM_MapShimUseShims=AllShims
##$PVM_MapShimVolDerive=No
##$PVM_MapShimVolMargin=( 3 )
0 0 0
##$PVM_GeoObj=( 1, 65 )
<PVM_SliceGeoObj>
##$PVM_ExportHandler=( 3 )
(<BRUKER_PARIMPORT_SLICEGEO>, <>, <Slice Geometry>) (<BRUKER_PARIMPORT_FOVSAT>
, <>, <FOV Saturation>) (<BRUKER_PARIMPORT_SLICEORIENT>, <>, <Slice 
Orientation>)
$$ @vis= PVM_StudyB0MapShimset PVM_ReqShimEnum MapShim MethodClass PVM_GeoObj
$$ @vis= PVM_ExportHandler StandardMethodGroup
##END=
$$ File finished by PARX at 2023-05-13 23:31:36.076 +0300
